PATH
  remote: /home/mencio/Software/Github/karafka/karafka-sidekiq-backend
  specs:
    karafka-sidekiq-backend (1.0.0)
      karafka (>= 1.0.0)
      sidekiq (>= 4.2)

PATH
  remote: /home/mencio/Software/Github/karafka/karafka
  specs:
    karafka (1.0.0)
      activesupport (>= 5.0)
      celluloid
      dry-configurable (~> 0.7)
      dry-validation (~> 0.11)
      envlogic (~> 1.0)
      multi_json (>= 1.12)
      rake (>= 11.3)
      require_all (>= 1.4)
      ruby-kafka (>= 0.4)
      thor (~> 0.19)
      waterdrop (>= 0.4)

GEM
  remote: https://rubygems.org/
  specs:
    activesupport (5.1.3)
      concurrent-ruby (~> 1.0, >= 1.0.2)
      i18n (~> 0.7)
      minitest (~> 5.1)
      tzinfo (~> 1.1)
    byebug (9.0.6)
    celluloid (0.17.3)
      celluloid-essentials
      celluloid-extras
      celluloid-fsm
      celluloid-pool
      celluloid-supervision
      timers (>= 4.1.1)
    celluloid-essentials (0.20.5)
      timers (>= 4.1.1)
    celluloid-extras (0.20.5)
      timers (>= 4.1.1)
    celluloid-fsm (0.20.5)
      timers (>= 4.1.1)
    celluloid-pool (0.20.5)
      timers (>= 4.1.1)
    celluloid-supervision (0.20.6)
      timers (>= 4.1.1)
    concurrent-ruby (1.0.5)
    connection_pool (2.2.1)
    dry-configurable (0.7.0)
      concurrent-ruby (~> 1.0)
    dry-container (0.6.0)
      concurrent-ruby (~> 1.0)
      dry-configurable (~> 0.1, >= 0.1.3)
    dry-core (0.3.1)
      concurrent-ruby (~> 1.0)
    dry-equalizer (0.2.0)
    dry-logic (0.4.1)
      dry-container (~> 0.2, >= 0.2.6)
      dry-core (~> 0.2)
      dry-equalizer (~> 0.2)
    dry-types (0.11.1)
      concurrent-ruby (~> 1.0)
      dry-configurable (~> 0.1)
      dry-container (~> 0.3)
      dry-core (~> 0.2, >= 0.2.1)
      dry-equalizer (~> 0.2)
      dry-logic (~> 0.4, >= 0.4.0)
      inflecto (~> 0.0.0, >= 0.0.2)
    dry-validation (0.11.0)
      concurrent-ruby (~> 1.0)
      dry-configurable (~> 0.1, >= 0.1.3)
      dry-core (~> 0.2, >= 0.2.1)
      dry-equalizer (~> 0.2)
      dry-logic (~> 0.4, >= 0.4.0)
      dry-types (~> 0.11.0)
    envlogic (1.0.3)
      activesupport
    ffi (1.9.18)
    gssapi (1.2.0)
      ffi (>= 1.0.1)
    hitimes (1.2.6)
    i18n (0.8.6)
    inflecto (0.0.2)
    minitest (5.10.3)
    multi_json (1.12.1)
    newrelic_rpm (4.3.0.335)
    null-logger (0.1.4)
    rack (2.0.3)
    rack-protection (2.0.0)
      rack
    rake (12.0.0)
    redis (3.3.3)
    require_all (1.4.0)
    ruby-kafka (0.4.0)
      gssapi (>= 1.2.0)
    settingslogic (2.0.9)
    sidekiq (5.0.4)
      concurrent-ruby (~> 1.0)
      connection_pool (~> 2.2, >= 2.2.0)
      rack-protection (>= 1.5.0)
      redis (~> 3.3, >= 3.3.3)
    thor (0.20.0)
    thread_safe (0.3.6)
    timers (4.1.2)
      hitimes
    tzinfo (1.2.3)
      thread_safe (~> 0.1)
    waterdrop (0.4.0)
      bundler
      connection_pool
      dry-configurable (~> 0.6)
      null-logger
      rake
      ruby-kafka (~> 0.4)

PLATFORMS
  ruby

DEPENDENCIES
  byebug
  karafka!
  karafka-sidekiq-backend!
  newrelic_rpm
  settingslogic

BUNDLED WITH
   1.15.3
